PATH
  remote: .
  specs:
    currently (0.0.1)
      catch
      trollop

GEM
  remote: http://rubygems.org/
  specs:
    addressable (2.2.6)
    aruba (0.4.6)
      bcat (>= 0.6.1)
      childprocess (>= 0.2.0)
      cucumber (>= 1.0.2)
      rdiscount (>= 1.6.8)
      rspec (>= 2.6.0)
    bcat (0.6.1)
      rack (~> 1.0)
    builder (3.0.0)
    catch (0.0.7)
      faraday_middleware (~> 0.6)
      hashie (~> 1.0.0)
      multi_json (~> 1.0.0)
    childprocess (0.2.1)
      ffi (~> 1.0.6)
    cucumber (1.0.2)
      builder (>= 2.1.2)
      diff-lcs (>= 1.1.2)
      gherkin (~> 2.4.5)
      json (>= 1.4.6)
      term-ansicolor (>= 1.0.5)
    diff-lcs (1.1.2)
    faraday (0.7.4)
      addressable (~> 2.2.6)
      multipart-post (~> 1.1.0)
      rack (< 2, >= 1.1.0)
    faraday_middleware (0.7.0)
      faraday (~> 0.7.3)
    ffi (1.0.9)
    gherkin (2.4.14)
      json (>= 1.4.6)
    hashie (1.0.0)
    json (1.5.3)
    multi_json (1.0.3)
    multipart-post (1.1.3)
    rack (1.3.2)
    rdiscount (1.6.8)
    rspec (2.6.0)
      rspec-core (~> 2.6.0)
      rspec-expectations (~> 2.6.0)
      rspec-mocks (~> 2.6.0)
    rspec-core (2.6.4)
    rspec-expectations (2.6.0)
      diff-lcs (~> 1.1.2)
    rspec-mocks (2.6.0)
    term-ansicolor (1.0.6)
    trollop (1.16.2)

PLATFORMS
  ruby

DEPENDENCIES
  aruba
  currently!
